GEM
  remote: https://rubygems.org/
  specs:
    stylus-source (0.54.5)

PLATFORMS
  ruby

DEPENDENCIES
  stylus-source (= 0.54.5)

BUNDLED WITH
   2.1.4
